{
	"Modality": "MR",
	"MagneticFieldStrength": 3,
	"ImagingFrequency": 127.697,
	"Manufacturer": "GE",
	"ManufacturersModelName": "DISCOVERY_MR750",
	"InstitutionName": "CNS_Maudsley_and_IoP_750",
	"DeviceSerialNumber": "00000070043MRS05",
	"StationName": "CNSCNSD",
	"PatientPosition": "HFS",
	"ProcedureStepDescription": "DJL190820",
	"SoftwareVersions": "25_LX_MR_Software_release:DV25.0_R02_1549.b",
	"MRAcquisitionType": "2D",
	"SeriesDescription": "Multi-Echo_rsFMRI",
	"ProtocolName": "Multi-Echo_rsFMRI",
	"ScanningSequence": "EP_RM",
	"SequenceVariant": "NONE",
	"ScanOptions": "MP_GEMS_EPI_GEMS_ACC_GEMS",
	"ImageType": ["ORIGINAL", "PRIMARY", "OTHER"],
	"SeriesNumber": 3,
	"AcquisitionTime": "11:52:28.000000",
	"AcquisitionNumber": 1,
	"SliceThickness": 3,
	"SpacingBetweenSlices": 4,
	"SAR": 0.121873,
	"EchoNumber": 6,
	"EchoTime": 0.092,
	"RepetitionTime": 2.5,
	"FlipAngle": 80,
	"PhaseEncodingPolarityGE": "Flipped",
	"CoilString": "RM:Nova32ch",
	"PercentPhaseFOV": 100,
	"AcquisitionMatrixPE": 64,
	"ReconMatrixPE": 64,
	"EffectiveEchoSpacing": 0.000396,
	"TotalReadoutTime": 0.024948,
	"PixelBandwidth": 7812.5,
	"PhaseEncodingDirection": "j",
	"SliceTiming": [
		19.862,
		19.723,
		17.084,
		16.945,
		16.806,
		14.167,
		14.028,
		11.389,
		11.25,
		8.612,
		8.473,
		5.834,
		5.695,
		5.556,
		2.917,
		2.778,
		0.139,
		0	],
	"ImageOrientationPatientDICOM": [
		1,
		-0,
		0,
		-0,
		0.999085,
		-0.042765	],
	"InPlanePhaseEncodingDirectionDICOM": "COL",
	"ConversionSoftware": "dcm2niix",
	"ConversionSoftwareVersion": "v1.0.20190410  GCC4.8.5"
}
