{
	"Modality": "MR",
	"MagneticFieldStrength": 3,
	"ImagingFrequency": 127.724,
	"Manufacturer": "GE",
	"ManufacturersModelName": "DISCOVERY_MR750",
	"InstitutionName": "KCH_Clinical_Research_Facility",
	"DeviceSerialNumber": "00000000040MRS01",
	"StationName": "CRFCRFA",
	"BodyPartExamined": "BRAIN",
	"PatientPosition": "HFS",
	"ProcedureStepDescription": "DJL190731",
	"SoftwareVersions": "27_LX_MR_Software_release:DV25.1_R02_1649.a",
	"MRAcquisitionType": "2D",
	"SeriesDescription": "Multi-Echo_rsFMRI",
	"ProtocolName": "Multi-Echo_rsFMRI",
	"ScanningSequence": "EP_RM",
	"SequenceVariant": "NONE",
	"ScanOptions": "MP_GEMS_EPI_GEMS_ACC_GEMS_PFF",
	"ImageType": ["ORIGINAL", "PRIMARY", "OTHER"],
	"SeriesNumber": 3,
	"AcquisitionTime": "13:11:14.000000",
	"AcquisitionNumber": 1,
	"SliceThickness": 3,
	"SpacingBetweenSlices": 4,
	"SAR": 0.121873,
	"EchoNumber": 1,
	"EchoTime": 0.012,
	"RepetitionTime": 2.5,
	"FlipAngle": 80,
	"PhaseEncodingPolarityGE": "Flipped",
	"CoilString": "RM:Nova32ch",
	"PercentPhaseFOV": 100,
	"AcquisitionMatrixPE": 64,
	"ReconMatrixPE": 64,
	"EffectiveEchoSpacing": 0.000396,
	"TotalReadoutTime": 0.024948,
	"PixelBandwidth": 7812.5,
	"PhaseEncodingDirection": "j",
	"TaskName": "rest",
	"SliceTiming": [
		19.862,
		19.723,
		17.084,
		16.945,
		14.306,
		14.167,
		11.528,
		11.389,
		11.25,
		8.612,
		8.473,
		5.834,
		5.695,
		3.056,
		2.917,
		0.278,
		0.139,
		0	],
	"ImageOrientationPatientDICOM": [
		1,
		-0,
		0,
		-0,
		0.999085,
		-0.0427653	],
	"InPlanePhaseEncodingDirectionDICOM": "COL",
	"ConversionSoftware": "dcm2niix",
	"ConversionSoftwareVersion": "v1.0.20190410  GCC4.8.5"
}
