{
	"Modality": "MR",
	"MagneticFieldStrength": 3,
	"ImagingFrequency": 127.724,
	"Manufacturer": "GE",
	"ManufacturersModelName": "DISCOVERY_MR750",
	"InstitutionName": "KCH_Clinical_Research_Facility",
	"DeviceSerialNumber": "00000000040MRS01",
	"StationName": "CRFCRFA",
	"BodyPartExamined": "BRAIN",
	"PatientPosition": "HFS",
	"ProcedureStepDescription": "DJL190731",
	"SoftwareVersions": "27_LX_MR_Software_release:DV25.1_R02_1649.a",
	"MRAcquisitionType": "2D",
	"SeriesDescription": "Multi-Echo_rsFMRI",
	"ProtocolName": "Multi-Echo_rsFMRI",
	"ScanningSequence": "EP_RM",
	"SequenceVariant": "NONE",
	"ScanOptions": "MP_GEMS_EPI_GEMS_ACC_GEMS",
	"ImageType": ["ORIGINAL", "PRIMARY", "OTHER"],
	"SeriesNumber": 3,
	"AcquisitionTime": "13:11:14.000000",
	"AcquisitionNumber": 1,
	"SliceThickness": 3,
	"SpacingBetweenSlices": 4,
	"SAR": 0.121873,
	"EchoNumber": 7,
	"EchoTime": 0.108,
	"RepetitionTime": 2.5,
	"FlipAngle": 80,
	"PhaseEncodingPolarityGE": "Flipped",
	"CoilString": "RM:Nova32ch",
	"PercentPhaseFOV": 100,
	"AcquisitionMatrixPE": 64,
	"ReconMatrixPE": 64,
	"EffectiveEchoSpacing": 0.000396,
	"TotalReadoutTime": 0.024948,
	"PixelBandwidth": 7812.5,
	"PhaseEncodingDirection": "j",
	"TaskName": "rest",
	"SliceTiming": [
		1.9862,
		1.9723,
		1.9584,
		1.6945,
		1.6806,
		1.4167,
		1.4028,
		1.1389,
		1.125,
		0.8612,
		0.8473,
		0.8334,
		0.5695,
		0.5556,
		0.2917,
		0.2778,
		0.0139,
		0	],
	"ImageOrientationPatientDICOM": [
		1,
		-0,
		0,
		-0,
		0.999085,
		-0.0427653	],
	"InPlanePhaseEncodingDirectionDICOM": "COL",
	"ConversionSoftware": "dcm2niix",
	"ConversionSoftwareVersion": "v1.0.20190410  GCC4.8.5"
}
